GIT
  remote: git://github.com/cdchapman/HTML-Spellchecker.git
  revision: 395d01c3bf7442947c3f897cea3b5d47baada8f7
  specs:
    html_spellchecker (0.1.6)
      hunspell-ffi (~> 0.1.3.alpha2)
      nokogiri (~> 1.4)

GIT
  remote: git://github.com/cdchapman/hunspell-ffi.git
  revision: 2b86d8acba101670266f5bdb69754d0b325aacbd
  specs:
    hunspell-ffi (0.1.3.alpha3)
      ffi (~> 1.0.7)

GEM
  remote: http://rubygems.org/
  specs:
    activesupport (3.2.7)
      i18n (~> 0.6)
      multi_json (~> 1.0)
    adsf (1.1.1)
      rack (>= 1.0.0)
    builder (3.0.0)
    chunky_png (1.2.5)
    coderay (1.0.7)
    colored (1.2)
    compass (0.12.2)
      chunky_png (~> 1.2)
      fssm (>= 0.2.7)
      sass (~> 3.1)
    cri (2.3.0)
      colored (>= 1.2)
    execjs (1.4.0)
      multi_json (~> 1.0)
    ffi (1.0.11)
    fssm (0.2.9)
    haml (3.1.6)
    htmlbeautifier (0.0.7)
    httparty (0.8.3)
      multi_json (~> 1.0)
      multi_xml
    i18n (0.6.0)
    json (1.7.4)
    kramdown (0.13.7)
    multi_json (1.3.6)
    multi_xml (0.5.1)
    nanoc (3.4.0)
      cri (~> 2.2)
    nokogiri (1.5.5)
    rack (1.4.1)
    rainpress (1.0)
    rqrcode (0.4.2)
    rubypants-unicode (0.2.0)
    sass (3.1.20)
    shortly (0.3.3)
      httparty
      json
    systemu (2.5.2)
    uglifier (1.2.6)
      execjs (>= 0.3.0)
      multi_json (~> 1.3)
    vpim (0.695)

PLATFORMS
  ruby

DEPENDENCIES
  activesupport
  adsf
  builder
  chunky_png
  coderay
  compass
  haml
  html_spellchecker!
  htmlbeautifier
  hunspell-ffi!
  kramdown
  nanoc
  nokogiri
  rainpress
  rqrcode
  rubypants-unicode
  shortly
  systemu
  uglifier
  vpim
