GEM
  remote: http://rubygems.org/
  specs:
    activesupport (3.2.2)
      i18n (~> 0.6)
      multi_json (~> 1.0)
    adsf (1.0.1)
      rack (>= 1.0.0)
    builder (3.0.0)
    chunky_png (1.2.5)
    coderay (1.0.5)
    compass (0.11.7)
      chunky_png (~> 1.2)
      fssm (>= 0.2.7)
      sass (~> 3.1)
    cri (2.2.0)
    execjs (1.3.0)
      multi_json (~> 1.0)
    ffi (1.0.11)
    fssm (0.2.8.1)
    haml (3.1.4)
    html_spellchecker (0.1.6)
      hunspell-ffi (= 0.1.3.alpha2)
      nokogiri (~> 1.4)
    htmlbeautifier (0.0.6)
    httparty (0.8.1)
      multi_json
      multi_xml
    hunspell-ffi (0.1.3.alpha2)
      ffi (~> 1.0.7)
    i18n (0.6.0)
    json (1.6.5)
    kramdown (0.13.5)
    multi_json (1.1.0)
    multi_xml (0.4.1)
    nanoc (3.3.1)
      cri (~> 2.1)
    nokogiri (1.5.0)
    rack (1.4.1)
    rainpress (1.0)
    rqrcode (0.4.2)
    rubypants (0.2.0)
    sass (3.1.15)
    shortly (0.3.3)
      httparty
      json
    systemu (2.4.2)
    uglifier (1.2.3)
      execjs (>= 0.3.0)
      multi_json (>= 1.0.2)
    vpim (0.695)

PLATFORMS
  ruby

DEPENDENCIES
  activesupport
  adsf
  builder
  chunky_png
  coderay
  compass
  haml
  html_spellchecker
  htmlbeautifier
  kramdown
  nanoc
  nokogiri
  rainpress
  rqrcode
  rubypants
  shortly
  systemu
  uglifier
  vpim
