GEM
  remote: https://rubygems.org/
  specs:
    activesupport (3.2.8)
      i18n (~> 0.6)
      multi_json (~> 1.0)
    adsf (1.1.1)
      rack (>= 1.0.0)
    builder (3.1.4)
    chunky_png (1.2.6)
    coderay (1.0.8)
    colored (1.2)
    compass (0.12.2)
      chunky_png (~> 1.2)
      fssm (>= 0.2.7)
      sass (~> 3.1)
    cri (2.3.0)
      colored (>= 1.2)
    execjs (1.4.0)
      multi_json (~> 1.0)
    ffi (1.0.11)
    fssm (0.2.9)
    haml (3.1.7)
    html_spellchecker (0.1.7)
      hunspell-ffi (= 0.1.3)
      nokogiri (~> 1.4)
    htmlbeautifier (0.0.7)
    httparty (0.9.0)
      multi_json (~> 1.0)
      multi_xml
    hunspell-ffi (0.1.3)
      ffi (~> 1.0.7)
    i18n (0.6.1)
    json (1.7.5)
    kramdown (0.14.0)
    multi_json (1.3.6)
    multi_xml (0.5.1)
    nanoc (3.4.0)
      cri (~> 2.2)
    nokogiri (1.5.5)
    rack (1.4.1)
    rainpress (1.0)
    rqrcode (0.4.2)
    rubypants-unicode (0.2.3)
    sass (3.2.1)
    shortly (0.3.3)
      httparty
      json
    systemu (2.5.2)
    uglifier (1.3.0)
      execjs (>= 0.3.0)
      multi_json (~> 1.0, >= 1.0.2)
    vpim (0.695)

PLATFORMS
  ruby

DEPENDENCIES
  activesupport
  adsf
  builder
  chunky_png
  coderay
  compass
  haml
  html_spellchecker (~> 0.1.7)
  htmlbeautifier
  json
  kramdown
  nanoc (= 3.4.0)
  nokogiri
  rainpress
  rqrcode
  rubypants-unicode
  shortly
  systemu
  uglifier
  vpim
