GEM
  remote: https://rubygems.org/
  specs:
    activesupport (4.0.0)
      i18n (~> 0.6, >= 0.6.4)
      minitest (~> 4.2)
      multi_json (~> 1.3)
      thread_safe (~> 0.1)
      tzinfo (~> 0.3.37)
    adsf (1.1.1)
      rack (>= 1.0.0)
    allison (2.0.3)
    atomic (1.1.14)
    builder (3.2.2)
    chunky_png (1.2.8)
    coderay (1.1.0)
    colored (1.2)
    compass (0.12.2)
      chunky_png (~> 1.2)
      fssm (>= 0.2.7)
      sass (~> 3.1)
    cri (2.4.0)
      colored (>= 1.2)
    echoe (4.6.3)
      allison (>= 2.0.3)
      gemcutter (>= 0.7.0)
      rake (>= 0.9.2)
      rdoc (>= 3.6.1)
      rubyforge (>= 2.0.4)
    execjs (2.0.2)
    ffi (1.0.11)
    fssm (0.2.10)
    gemcutter (0.7.1)
    haml (4.0.3)
      tilt
    html_spellchecker (0.1.7)
      hunspell-ffi (= 0.1.3)
      nokogiri (~> 1.4)
    htmlbeautifier (0.0.8)
    httparty (0.12.0)
      json (~> 1.8)
      multi_xml (>= 0.5.2)
    hunspell-ffi (0.1.3)
      ffi (~> 1.0.7)
    i18n (0.6.5)
    json (1.8.0)
    json_pure (1.8.0)
    kramdown (1.2.0)
    mini_portile (0.5.1)
    minitest (4.7.5)
    multi_json (1.8.2)
    multi_xml (0.5.5)
    nanoc (3.6.5)
      cri (~> 2.3)
    nokogiri (1.6.0)
      mini_portile (~> 0.5.0)
    rack (1.5.2)
    rainpress (1.0)
      echoe
    rake (10.1.0)
    rdoc (4.0.1)
      json (~> 1.4)
    rqrcode (0.4.2)
    rubyforge (2.0.4)
      json_pure (>= 1.1.7)
    rubypants-unicode (0.2.3)
    sass (3.2.12)
    shortly (0.3.3)
      httparty
      json
    systemu (2.5.2)
    thread_safe (0.1.3)
      atomic
    tilt (1.4.1)
    tzinfo (0.3.38)
    uglifier (2.2.1)
      execjs (>= 0.3.0)
      multi_json (~> 1.0, >= 1.0.2)
    vpim (0.695)

PLATFORMS
  ruby

DEPENDENCIES
  activesupport
  adsf
  builder
  chunky_png
  coderay
  compass
  haml
  html_spellchecker
  htmlbeautifier
  json
  kramdown
  nanoc (= 3.6.5)
  nokogiri
  rainpress
  rqrcode
  rubypants-unicode
  shortly
  systemu
  uglifier
  vpim
