GIT
  remote: https://github.com/cdchapman/HTML-Spellchecker
  revision: b68e6762c35ae16501d98df14cd611cee403bb1d
  branch: mark
  specs:
    html_spellchecker (0.1.7)
      hunspell-ffi (= 0.1.3)
      nokogiri (~> 1.4)

GEM
  remote: https://rubygems.org/
  specs:
    activesupport (4.2.6)
      i18n (~> 0.7)
      json (~> 1.7, >= 1.7.7)
      minitest (~> 5.1)
      thread_safe (~> 0.3, >= 0.3.4)
      tzinfo (~> 1.1)
    addressable (2.4.0)
    adsf (1.2.1)
      rack (>= 1.0.0)
    bcp47 (0.3.3)
      i18n
    builder (3.2.2)
    chunky_png (1.3.5)
    coderay (1.1.1)
    colored (1.2)
    command-builder (0.3.2)
      pipe-run (>= 0.2.1)
    compass (0.12.7)
      chunky_png (~> 1.2)
      fssm (>= 0.2.7)
      sass (~> 3.2.19)
    cri (2.7.0)
      colored (~> 1.2)
    domain_name (0.5.20160310)
      unf (>= 0.0.5, < 1.0.0)
    ebnf (1.0.0)
      rdf (~> 1.1)
      sxp (~> 0.1, >= 0.1.3)
    em-websocket (0.5.1)
      eventmachine (>= 0.12.9)
      http_parser.rb (~> 0.6.0)
    equivalent-xml (0.6.0)
      nokogiri (>= 1.4.3)
    eventmachine (1.2.0.1)
    execjs (2.6.0)
    ffi (1.0.11)
    formatador (0.2.5)
    fssm (0.2.10)
    guard (2.13.0)
      formatador (>= 0.2.4)
      listen (>= 2.7, <= 4.0)
      lumberjack (~> 1.0)
      nenv (~> 0.1)
      notiffany (~> 0.0)
      pry (>= 0.9.12)
      shellany (~> 0.0)
      thor (>= 0.18.1)
    guard-compat (1.2.1)
    guard-livereload (2.5.2)
      em-websocket (~> 0.5)
      guard (~> 2.8)
      guard-compat (~> 1.0)
      multi_json (~> 1.8)
    guard-nanoc (2.0.0)
      guard (~> 2.8)
      guard-compat (~> 1.0)
      nanoc (~> 4.0)
    haml (4.0.7)
      tilt
    hash-utils (2.2.0)
      ruby-version (>= 0.4.0)
    html5small (0.4.0)
      htmlentities (>= 4.1.0)
      nokogiri (>= 1.5.0)
    htmlentities (4.3.4)
    http-cookie (1.0.2)
      domain_name (~> 0.5)
    http_parser.rb (0.6.0)
    httparty (0.13.0)
      json (~> 1.8)
      multi_xml (>= 0.5.2)
    hunspell-ffi (0.1.3)
      ffi (~> 1.0.7)
    i18n (0.7.0)
    json (1.8.1)
    json-ld (1.99.2)
      multi_json (~> 1.11)
      rdf (~> 1.99)
    jsonlint (0.1.0)
      oj (~> 2)
    jwt (0.1.13)
      multi_json (>= 1.5)
    kramdown (1.10.0)
    link_header (0.0.8)
    linkeddata (1.99.0)
      equivalent-xml (~> 0.6)
      json-ld (~> 1.99)
      nokogiri (~> 1.6)
      rdf (~> 1.99)
      rdf-aggregate-repo (~> 1.99)
      rdf-isomorphic (~> 1.99)
      rdf-json (~> 1.1, >= 1.1.2)
      rdf-microdata (~> 2.0, >= 2.0.2)
      rdf-n3 (~> 1.99)
      rdf-rdfa (~> 1.99)
      rdf-rdfxml (~> 1.1, >= 1.1.5)
      rdf-reasoner (~> 0.3)
      rdf-tabular (~> 0.3)
      rdf-trig (~> 1.99, >= 1.99.0.1)
      rdf-trix (~> 1.99)
      rdf-turtle (~> 1.99)
      rdf-vocab (~> 0.8, >= 0.8.6)
      rdf-xsd (~> 1.1, >= 1.1.5)
      sparql (~> 1.99)
      sparql-client (~> 1.99)
    listen (3.0.6)
      rb-fsevent (>= 0.9.3)
      rb-inotify (>= 0.9.7)
    lumberjack (1.0.10)
    method_source (0.8.2)
    mime-types (2.99.1)
    mini_portile2 (2.0.0)
    minitest (5.8.4)
    msgpack (0.7.4)
    multi_json (1.11.2)
    multi_xml (0.5.5)
    nanoc (4.1.5)
      cri (~> 2.3)
    nenv (0.3.0)
    net-http-persistent (2.9.4)
    netrc (0.11.0)
    nokogiri (1.6.7.2)
      mini_portile2 (~> 2.0.0.rc2)
    notiffany (0.0.8)
      nenv (~> 0.1)
      shellany (~> 0.0)
    oj (2.15.0)
    optipng (0.2.1)
      command-builder (>= 0.2.0)
      unix-whereis (>= 0.1.0)
    pipe-run (0.3.0)
    pry (0.10.3)
      coderay (~> 1.1.0)
      method_source (~> 0.8.1)
      slop (~> 3.4)
    rack (1.6.4)
    rainpress (1.0)
    rb-fsevent (0.9.7)
    rb-inotify (0.9.7)
      ffi (>= 0.5.0)
    rbtrace (0.4.8)
      ffi (>= 1.0.6)
      msgpack (>= 0.4.3)
      trollop (>= 1.16.2)
    rdf (1.99.1)
      link_header (~> 0.0, >= 0.0.8)
    rdf-aggregate-repo (1.99.0)
      rdf (~> 1.99)
    rdf-isomorphic (1.99.0)
      rdf (~> 1.99)
    rdf-json (1.99.0)
      rdf (~> 1.99)
    rdf-microdata (2.0.2)
      htmlentities (~> 4.3)
      nokogiri (~> 1.6)
      rdf (~> 1.1)
      rdf-xsd (~> 1.1)
    rdf-n3 (1.99.0)
      rdf (~> 1.99)
    rdf-rdfa (1.99.0)
      haml (~> 4.0)
      htmlentities (~> 4.3)
      rdf (~> 1.99)
      rdf-aggregate-repo (~> 1.1)
      rdf-xsd (~> 1.1)
    rdf-rdfxml (1.99.0)
      htmlentities (~> 4.3)
      rdf (~> 1.99)
      rdf-rdfa (~> 1.99)
      rdf-xsd (~> 1.99)
    rdf-reasoner (0.3.0)
      rdf (~> 1.1, >= 1.1.4.2)
      rdf-turtle (~> 1.1)
      rdf-vocab (~> 0.8)
      rdf-xsd (~> 1.1)
    rdf-tabular (0.3.0)
      addressable (~> 2.3)
      bcp47 (~> 0.3, >= 0.3.3)
      json-ld (~> 1.1)
      rdf (~> 1.1, >= 1.1.7)
      rdf-vocab (~> 0.8)
      rdf-xsd (~> 1.1)
    rdf-trig (1.99.0.1)
      ebnf (~> 1.0)
      rdf (~> 1.99)
      rdf-turtle (~> 1.99)
    rdf-trix (1.99.0)
      rdf (~> 1.1)
    rdf-turtle (1.99.0)
      ebnf (~> 1.0)
      rdf (~> 1.99)
    rdf-vocab (0.8.7.1)
      rdf (~> 1.1, >= 1.1.10)
    rdf-xsd (1.99.0)
      rdf (~> 1.99)
    rest-client (1.8.0)
      http-cookie (>= 1.0.2, < 2.0)
      mime-types (>= 1.16, < 3.0)
      netrc (~> 0.7)
    rqrcode (0.10.1)
      chunky_png (~> 1.0)
    ruby-version (0.4.3)
    rubypants-unicode (0.2.5)
    sass (3.2.19)
    shellany (0.0.1)
    shortly (0.3.6)
      httparty (= 0.13.0)
      json (= 1.8.1)
    slop (3.6.0)
    sparql (1.99.1)
      builder (~> 3.2)
      ebnf (~> 1.0)
      rdf (~> 1.99)
      rdf-aggregate-repo (~> 1.99)
      rdf-xsd (~> 1.1)
      sparql-client (~> 1.1)
      sxp (~> 0.1)
    sparql-client (1.99.0)
      net-http-persistent (~> 2.9)
      rdf (~> 1.1)
    sxp (0.1.5)
    systemu (2.6.5)
    thor (0.19.1)
    thread_safe (0.3.5)
    tilt (2.0.2)
    trollop (2.1.2)
    tzinfo (1.2.2)
      thread_safe (~> 0.1)
    uglifier (3.0.0)
      execjs (>= 0.3.0, < 3)
    unf (0.1.4)
      unf_ext
    unf_ext (0.0.7.2)
    unix-whereis (0.1.1)
      command-builder (>= 0.2.0)
      hash-utils (>= 0.18.0)
    vcardigan (0.0.9)

PLATFORMS
  ruby

DEPENDENCIES
  activesupport
  addressable
  adsf
  builder
  chunky_png
  coderay
  compass (~> 0.12)
  guard
  guard-livereload
  guard-nanoc
  haml
  html5small
  html_spellchecker!
  json
  jsonlint
  jwt (~> 0.1)
  kramdown
  linkeddata
  nanoc
  nokogiri
  optipng
  rainpress
  rbtrace
  rest-client (~> 1.6)
  rqrcode
  rubypants-unicode
  shortly
  systemu
  uglifier
  vcardigan

BUNDLED WITH
   1.10.6
