GEM
  remote: http://rubygems.org/
  specs:
    chunky_png (1.2.5)
    coderay (1.0.0)
    compass (0.11.5)
      chunky_png (~> 1.2)
      fssm (>= 0.2.7)
      sass (~> 3.1)
    compass-less-plugin (1.0)
      compass (>= 0.10)
    cri (2.0.2)
    fssm (0.2.7)
    haml (3.1.3)
    kramdown (0.13.3)
    nanoc (3.2.2)
      nanoc3 (>= 3.2.2)
    nanoc3 (3.2.2)
      cri (~> 2.0)
    nokogiri (1.5.0)
    rainpress (1.0)
    rdiscount (1.6.8)
    rubypants (0.2.0)
    sass (3.1.8)

PLATFORMS
  ruby

DEPENDENCIES
  coderay
  compass
  compass-less-plugin
  haml
  kramdown
  nanoc
  nanoc3
  nokogiri
  rainpress
  rdiscount
  rubypants
