GEM
  remote: https://rubygems.org/
  specs:
    activesupport (4.1.7)
      i18n (~> 0.6, >= 0.6.9)
      json (~> 1.7, >= 1.7.7)
      minitest (~> 5.1)
      thread_safe (~> 0.1)
      tzinfo (~> 1.1)
    addressable (2.3.6)
    adsf (1.2.0)
      rack (>= 1.0.0)
    builder (3.2.2)
    celluloid (0.16.0)
      timers (~> 4.0.0)
    chunky_png (1.3.3)
    coderay (1.1.0)
    colored (1.2)
    command-builder (0.3.1)
      hash-utils (>= 0.18.0)
      pipe-run (>= 0.2.1)
    compass (0.12.7)
      chunky_png (~> 1.2)
      fssm (>= 0.2.7)
      sass (~> 3.2.19)
    cri (2.6.1)
      colored (~> 1.2)
    execjs (2.2.2)
    ffi (1.0.11)
    formatador (0.2.5)
    fssm (0.2.10)
    guard (2.8.2)
      formatador (>= 0.2.4)
      listen (~> 2.7)
      lumberjack (~> 1.0)
      pry (>= 0.9.12)
      thor (>= 0.18.1)
    guard-nanoc (1.0.2)
      guard (>= 1.8.0)
      nanoc (>= 3.6.3)
    haml (4.0.5)
      tilt
    hash-utils (2.2.0)
      ruby-version (>= 0.4.0)
    hitimes (1.2.2)
    html5small (0.3.0)
      htmlentities (>= 4.1.0)
      nokogiri (>= 1.5.0)
    html_spellchecker (0.1.7)
      hunspell-ffi (= 0.1.3)
      nokogiri (~> 1.4)
    htmlentities (4.3.2)
    httparty (0.13.0)
      json (~> 1.8)
      multi_xml (>= 0.5.2)
    hunspell-ffi (0.1.3)
      ffi (~> 1.0.7)
    i18n (0.6.11)
    json (1.8.1)
    json-ld (1.1.7)
      rdf (~> 1.1, >= 1.1.4)
    jwt (0.1.13)
      multi_json (>= 1.5)
    kramdown (1.5.0)
    listen (2.7.12)
      celluloid (>= 0.15.2)
      rb-fsevent (>= 0.9.3)
      rb-inotify (>= 0.9)
    livefyre (1.1.4)
    lumberjack (1.0.9)
    method_source (0.8.2)
    mime-types (2.4.3)
    mini_portile (0.6.0)
    minitest (5.4.3)
    multi_json (1.10.1)
    multi_xml (0.5.5)
    nanoc (3.7.3)
      cri (~> 2.3)
    net-http-persistent (2.9.4)
    netrc (0.8.0)
    nokogiri (1.6.3.1)
      mini_portile (= 0.6.0)
    optipng (0.2.1)
      command-builder (>= 0.2.0)
      unix-whereis (>= 0.1.0)
    pipe-run (0.3.0)
    pry (0.10.1)
      coderay (~> 1.1.0)
      method_source (~> 0.8.1)
      slop (~> 3.4)
    rack (1.5.2)
    rainpress (1.0)
    rb-fsevent (0.9.4)
    rb-inotify (0.9.5)
      ffi (>= 0.5.0)
    rdf (1.1.6)
    rest-client (1.7.2)
      mime-types (>= 1.16, < 3.0)
      netrc (~> 0.7)
    rqrcode (0.4.2)
    ruby-version (0.4.3)
    rubypants-unicode (0.2.5)
    sass (3.2.19)
    shortly (0.3.5)
      httparty (= 0.13.0)
      json (= 1.8.1)
    slop (3.6.0)
    sparql-client (1.1.3.1)
      net-http-persistent (~> 2.9)
      rdf (~> 1.1)
    systemu (2.6.4)
    thor (0.19.1)
    thread_safe (0.3.4)
    tilt (2.0.1)
    timers (4.0.1)
      hitimes
    tzinfo (1.2.2)
      thread_safe (~> 0.1)
    uglifier (2.5.3)
      execjs (>= 0.3.0)
      json (>= 1.8.0)
    unix-whereis (0.1.1)
      command-builder (>= 0.2.0)
      hash-utils (>= 0.18.0)
    vcardigan (0.0.6)

PLATFORMS
  ruby

DEPENDENCIES
  activesupport
  addressable
  adsf
  builder
  chunky_png
  coderay
  compass (~> 0.12)
  guard-nanoc
  haml
  html5small
  html_spellchecker
  json
  json-ld
  jwt (~> 0.1)
  kramdown
  livefyre (= 1.1.4)
  nanoc
  nokogiri (= 1.6.3.1)
  optipng
  rainpress
  rdf
  rest-client (~> 1.6)
  rqrcode
  rubypants-unicode
  shortly
  sparql-client
  systemu
  uglifier
  vcardigan
