GIT
  remote: https://github.com/cdchapman/HTML-Spellchecker
  revision: b68e6762c35ae16501d98df14cd611cee403bb1d
  branch: mark
  specs:
    html_spellchecker (0.1.7)
      hunspell-ffi (= 0.1.3)
      nokogiri (~> 1.4)

GIT
  remote: https://github.com/cdchapman/nanoc-cachebuster
  revision: 3fff1471532e2e93ee4a6370bc7904bbdc6cb030
  branch: nanoc-4
  specs:
    nanoc-cachebuster (0.3.0)
      nanoc (>= 3.3.0)

GIT
  remote: https://github.com/ruby-rdf/rdf-vocab.git
  revision: 4748329efb8a9671c465556e8fd813f3d7ad6878
  branch: develop
  specs:
    rdf-vocab (2.1.0)
      rdf (~> 2.1)

GIT
  remote: https://github.com/ruby-rdf/rdf.git
  revision: e1ff91841066369b8917dd21be9564452a6ea18a
  branch: develop
  specs:
    rdf (2.1.0)
      hamster (~> 3.0)
      link_header (~> 0.0, >= 0.0.8)

GEM
  remote: https://rubygems.org/
  specs:
    activesupport (5.0.0.1)
      concurrent-ruby (~> 1.0, >= 1.0.2)
      i18n (~> 0.7)
      minitest (~> 5.1)
      tzinfo (~> 1.1)
    addressable (2.4.0)
    adsf (1.2.1)
      rack (>= 1.0.0)
    bcp47 (0.3.3)
      i18n
    builder (3.2.2)
    chunky_png (1.3.7)
    coderay (1.1.1)
    colored (1.2)
    command-builder (0.3.2)
      pipe-run (>= 0.2.1)
    compass (1.0.3)
      chunky_png (~> 1.2)
      compass-core (~> 1.0.2)
      compass-import-once (~> 1.0.5)
      rb-fsevent (>= 0.9.3)
      rb-inotify (>= 0.9)
      sass (>= 3.3.13, < 3.5)
    compass-core (1.0.3)
      multi_json (~> 1.0)
      sass (>= 3.3.0, < 3.5)
    compass-import-once (1.0.5)
      sass (>= 3.2, < 3.5)
    concurrent-ruby (1.0.2)
    crack (0.4.3)
      safe_yaml (~> 1.0.0)
    cri (2.7.0)
      colored (~> 1.2)
    diff-lcs (1.2.5)
    domain_name (0.5.20161021)
      unf (>= 0.0.5, < 1.0.0)
    ebnf (1.0.1)
      rdf (~> 2.0)
      sxp (~> 1.0)
    em-websocket (0.5.1)
      eventmachine (>= 0.12.9)
      http_parser.rb (~> 0.6.0)
    equivalent-xml (0.6.0)
      nokogiri (>= 1.4.3)
    eventmachine (1.2.0.1)
    execjs (2.7.0)
    ffi (1.0.11)
    formatador (0.2.5)
    ghi (1.2.0)
      pygments.rb
    git (1.3.0)
    guard (2.14.0)
      formatador (>= 0.2.4)
      listen (>= 2.7, < 4.0)
      lumberjack (~> 1.0)
      nenv (~> 0.1)
      notiffany (~> 0.0)
      pry (>= 0.9.12)
      shellany (~> 0.0)
      thor (>= 0.18.1)
    guard-compat (1.2.1)
    guard-livereload (2.5.2)
      em-websocket (~> 0.5)
      guard (~> 2.8)
      guard-compat (~> 1.0)
      multi_json (~> 1.8)
    guard-nanoc (2.1.0)
      guard (~> 2.8)
      guard-compat (~> 1.0)
      nanoc (~> 4.0)
    haml (4.0.7)
      tilt
    hamster (3.0.0)
      concurrent-ruby (~> 1.0)
    hash-utils (2.2.0)
      ruby-version (>= 0.4.0)
    hashdiff (0.3.0)
    html5small (0.4.0)
      htmlentities (>= 4.1.0)
      nokogiri (>= 1.5.0)
    htmlentities (4.3.4)
    http-cookie (1.0.3)
      domain_name (~> 0.5)
    http_parser.rb (0.6.0)
    httparty (0.13.0)
      json (~> 1.8)
      multi_xml (>= 0.5.2)
    hunspell-ffi (0.1.3)
      ffi (~> 1.0.7)
    i18n (0.7.0)
    json (1.8.1)
    json-ld (2.1.0)
      multi_json (~> 1.11)
      rdf (~> 2.1)
    kramdown (1.12.0)
    ld-patch (0.3.0)
      ebnf (~> 1.0, >= 1.0.1)
      rdf (~> 2.0)
      rdf-xsd (~> 2.0)
      sparql (~> 2.0)
      sxp (~> 1.0)
    link_header (0.0.8)
    linkeddata (2.0.0)
      equivalent-xml (~> 0.6)
      json-ld (~> 2.0)
      ld-patch (~> 0.3)
      nokogiri (~> 1.6)
      rdf (~> 2.0)
      rdf-aggregate-repo (~> 2.0)
      rdf-isomorphic (~> 2.0)
      rdf-json (~> 2.0)
      rdf-microdata (~> 2.0)
      rdf-n3 (~> 2.0)
      rdf-rdfa (~> 2.0)
      rdf-rdfxml (~> 2.0)
      rdf-reasoner (~> 0.4)
      rdf-tabular (~> 0.4)
      rdf-trig (~> 2.0)
      rdf-trix (~> 2.0)
      rdf-turtle (~> 2.0)
      rdf-vocab (~> 2.0)
      rdf-xsd (~> 2.0)
      sparql (~> 2.0)
      sparql-client (~> 2.0)
    listen (3.1.5)
      rb-fsevent (~> 0.9, >= 0.9.4)
      rb-inotify (~> 0.9, >= 0.9.7)
      ruby_dep (~> 1.2)
    lumberjack (1.0.10)
    method_source (0.8.2)
    mime-types (3.1)
      mime-types-data (~> 3.2015)
    mime-types-data (3.2016.0521)
    mini_portile2 (2.1.0)
    minitest (5.9.1)
    msgpack (1.0.2)
    multi_json (1.12.1)
    multi_xml (0.5.5)
    nanoc (4.3.6)
      cri (~> 2.3)
      hamster (~> 3.0)
      parallel (~> 1.9)
      ref (~> 2.0)
    nenv (0.3.0)
    net-http-persistent (2.9.4)
    netrc (0.11.0)
    nokogiri (1.6.8.1)
      mini_portile2 (~> 2.1.0)
    notiffany (0.1.1)
      nenv (~> 0.1)
      shellany (~> 0.0)
    optipng (0.2.1)
      command-builder (>= 0.2.0)
      unix-whereis (>= 0.1.0)
    pandoc-ruby (2.0.1)
    parallel (1.9.0)
    pipe-run (0.3.0)
    posix-spawn (0.3.11)
    pry (0.10.4)
      coderay (~> 1.1.0)
      method_source (~> 0.8.1)
      slop (~> 3.4)
    pygmentize (0.0.3)
    pygments.rb (0.6.3)
      posix-spawn (~> 0.3.6)
      yajl-ruby (~> 1.2.0)
    rack (2.0.1)
    rainpress (1.0)
    rb-fsevent (0.9.8)
    rb-inotify (0.9.7)
      ffi (>= 0.5.0)
    rbtrace (0.4.8)
      ffi (>= 1.0.6)
      msgpack (>= 0.4.3)
      trollop (>= 1.16.2)
    rdf-aggregate-repo (2.0.0)
      rdf (~> 2.0)
    rdf-isomorphic (2.0.0)
      rdf (~> 2.0)
    rdf-json (2.0.0)
      rdf (~> 2.0)
    rdf-microdata (2.0.3)
      htmlentities (~> 4.3)
      nokogiri (~> 1.6)
      rdf (~> 2.0)
      rdf-xsd (~> 2.0)
    rdf-n3 (2.0.0)
      rdf (~> 2.0)
    rdf-rdfa (2.0.1)
      haml (~> 4.0)
      htmlentities (~> 4.3)
      rdf (~> 2.0)
      rdf-aggregate-repo (~> 2.0)
      rdf-xsd (~> 2.0)
    rdf-rdfxml (2.0.0)
      htmlentities (~> 4.3)
      rdf (~> 2.0)
      rdf-rdfa (~> 2.0)
      rdf-xsd (~> 2.0)
    rdf-reasoner (0.4.0)
      rdf (~> 2.0)
      rdf-spec (~> 2.0)
      rdf-vocab (~> 2.0)
      rdf-xsd (~> 2.0)
    rdf-spec (2.0.0)
      rdf (~> 2.0)
      rdf-isomorphic (~> 2.0)
      rspec (~> 3.0)
      rspec-its (~> 1.0)
      webmock (~> 1.17)
    rdf-tabular (0.4.0)
      addressable (~> 2.3)
      bcp47 (~> 0.3, >= 0.3.3)
      json-ld (~> 2.0)
      rdf (~> 2.0)
      rdf-vocab (~> 2.0)
      rdf-xsd (~> 2.0)
    rdf-trig (2.0.0)
      ebnf (~> 1.0, >= 1.0.1)
      rdf (~> 2.0)
      rdf-turtle (~> 2.0)
    rdf-trix (2.0.0)
      rdf (~> 2.0)
    rdf-turtle (2.0.0)
      ebnf (~> 1.0, >= 1.0.1)
      rdf (~> 2.0)
    rdf-xsd (2.0.0)
      rdf (~> 2.0)
    ref (2.0.0)
    rest-client (2.0.0)
      http-cookie (>= 1.0.2, < 2.0)
      mime-types (>= 1.16, < 4.0)
      netrc (~> 0.8)
    rqrcode (0.10.1)
      chunky_png (~> 1.0)
    rspec (3.5.0)
      rspec-core (~> 3.5.0)
      rspec-expectations (~> 3.5.0)
      rspec-mocks (~> 3.5.0)
    rspec-core (3.5.4)
      rspec-support (~> 3.5.0)
    rspec-expectations (3.5.0)
      diff-lcs (>= 1.2.0, < 2.0)
      rspec-support (~> 3.5.0)
    rspec-its (1.2.0)
      rspec-core (>= 3.0.0)
      rspec-expectations (>= 3.0.0)
    rspec-mocks (3.5.0)
      diff-lcs (>= 1.2.0, < 2.0)
      rspec-support (~> 3.5.0)
    rspec-support (3.5.0)
    ruby-version (0.4.3)
    ruby_dep (1.5.0)
    rubypants-unicode (0.2.5)
    safe_yaml (1.0.4)
    sass (3.4.22)
    shellany (0.0.1)
    shortly (0.3.6)
      httparty (= 0.13.0)
      json (= 1.8.1)
    slop (3.6.0)
    sparql (2.0.0)
      builder (~> 3.2)
      ebnf (~> 1.0, >= 1.0.1)
      rdf (~> 2.0)
      rdf-aggregate-repo (~> 2.0)
      rdf-xsd (~> 2.0)
      sparql-client (~> 2.0)
      sxp (~> 1.0)
    sparql-client (2.1.0)
      net-http-persistent (~> 2.9)
      rdf (~> 2.0)
    sxp (1.0.0)
      rdf (~> 2.0)
    thor (0.19.1)
    thread_safe (0.3.5)
    tilt (2.0.5)
    trollop (2.1.2)
    tzinfo (1.2.2)
      thread_safe (~> 0.1)
    uglifier (3.0.3)
      execjs (>= 0.3.0, < 3)
    unf (0.1.4)
      unf_ext
    unf_ext (0.0.7.2)
    unix-whereis (0.1.1)
      command-builder (>= 0.2.0)
      hash-utils (>= 0.18.0)
    vcardigan (0.0.9)
    webmock (1.24.6)
      addressable (>= 2.3.6)
      crack (>= 0.3.2)
      hashdiff
    yajl-ruby (1.2.1)

PLATFORMS
  ruby

DEPENDENCIES
  activesupport
  adsf
  chunky_png
  compass
  ghi
  git
  guard
  guard-livereload
  guard-nanoc
  haml
  html5small
  html_spellchecker!
  kramdown
  linkeddata
  nanoc
  nanoc-cachebuster!
  nenv
  nokogiri
  optipng
  pandoc-ruby
  pygmentize
  rainpress
  rbtrace
  rdf!
  rdf-vocab!
  rest-client
  rqrcode
  ruby-version
  rubypants-unicode
  shortly
  uglifier
  vcardigan

BUNDLED WITH
   1.12.5
