GEM
  remote: http://rubygems.org/
  specs:
    activesupport (3.2.1)
      i18n (~> 0.6)
      multi_json (~> 1.0)
    chunky_png (1.2.5)
    coderay (1.0.5)
    compass (0.11.7)
      chunky_png (~> 1.2)
      fssm (>= 0.2.7)
      sass (~> 3.1)
    compass-less-plugin (1.0)
      compass (>= 0.10)
    cri (2.1.0)
    execjs (1.3.0)
      multi_json (~> 1.0)
    fssm (0.2.8.1)
    haml (3.1.4)
    htmlbeautifier (0.0.6)
    i18n (0.6.0)
    kramdown (0.13.4)
    multi_json (1.0.4)
    nanoc (3.3.0)
      cri (~> 2.1)
    nanoc3 (3.3.0)
      nanoc (>= 3.3.0)
    nokogiri (1.5.0)
    rainpress (1.0)
    rqrcode (0.4.2)
    rubypants (0.2.0)
    sass (3.1.15)
    uglifier (1.2.3)
      execjs (>= 0.3.0)
      multi_json (>= 1.0.2)
    vpim (0.695)

PLATFORMS
  ruby

DEPENDENCIES
  activesupport
  chunky_png
  coderay
  compass
  compass-less-plugin
  haml
  htmlbeautifier
  kramdown
  nanoc
  nanoc3
  nokogiri
  rainpress
  rqrcode
  rubypants
  uglifier
  vpim
